GEM
  remote: https://rubygems.org/
  specs:
    anyway_config (2.1.0)
      ruby-next-core (>= 0.11.0)
    litecable (0.7.1)
      anyway_config (>= 1.0)
    multi_json (1.15.0)
    mustermann (1.1.1)
      ruby2_keywords (~> 0.0.1)
    nio4r (2.5.7)
    puma (5.2.2)
      nio4r (~> 2.0)
    rack (2.2.3)
    rack-protection (2.1.0)
      rack
    ruby-next-core (0.12.0)
    ruby2_keywords (0.0.4)
    sinatra (2.1.0)
      mustermann (~> 1.0)
      rack (~> 2.2)
      rack-protection (= 2.1.0)
      tilt (~> 2.0)
    sinatra-contrib (2.1.0)
      multi_json
      mustermann (~> 1.0)
      rack-protection (= 2.1.0)
      sinatra (= 2.1.0)
      tilt (~> 2.0)
    tilt (2.0.10)
    websocket (1.2.9)

PLATFORMS
  ruby

DEPENDENCIES
  litecable
  puma
  sinatra
  sinatra-contrib
  websocket

RUBY VERSION
   ruby 2.5.8p224

BUNDLED WITH
   1.17.3
