GEM
  remote: https://rubygems.org/
  specs:
    anyway_config (2.1.0)
      ruby-next-core (>= 0.11.0)
    litecable (0.7.1)
      anyway_config (>= 1.0)
    nio4r (2.5.7)
    puma (5.2.2)
      nio4r (~> 2.0)
    rack (2.2.3)
    roda (3.43.1)
      rack
    ruby-next-core (0.12.0)
    sequel (5.43.0)
    sqlite3 (1.4.2)
    tilt (2.0.10)
    websocket (1.2.9)

PLATFORMS
  ruby

DEPENDENCIES
  litecable
  puma
  roda (>= 3.43)
  sequel
  sqlite3
  tilt (>= 2.0)
  websocket

RUBY VERSION
   ruby 2.5.8p224

BUNDLED WITH
   1.17.3
